PATH
  remote: .
  specs:
    map_stitcher (0.0.1)
      chunky_png (= 1.2.5)
      nbtfile (= 0.2.0)

GEM
  remote: https://rubygems.org/
  specs:
    chunky_png (1.2.5)
    diff-lcs (1.1.3)
    metaclass (0.0.1)
    mocha (0.12.0)
      metaclass (~> 0.0.1)
    nbtfile (0.2.0)
    rspec (2.11.0)
      rspec-core (~> 2.11.0)
      rspec-expectations (~> 2.11.0)
      rspec-mocks (~> 2.11.0)
    rspec-core (2.11.0)
    rspec-expectations (2.11.1)
      diff-lcs (~> 1.1.3)
    rspec-mocks (2.11.1)

PLATFORMS
  ruby

DEPENDENCIES
  map_stitcher!
  mocha (= 0.12.0)
  rspec (= 2.11.0)
